PATH
  remote: .
  specs:
    troo (0.0.15)
      addressable (= 2.3.8)
      json (= 1.8.2)
      launchy (= 2.4.3)
      oauth (= 0.4.7)
      ohm (= 1.3.2)
      ohm-contrib (= 1.2)
      rest-client (= 1.8.0)
      term-ansicolor (= 1.3.2)
      thor (= 0.19.1)
      vedeu (= 0.5.8)
      virtus (= 1.0.5)
      yajl-ruby (= 1.2.1)

GEM
  remote: https://rubygems.org/
  specs:
    addressable (2.3.8)
    aruba (0.6.2)
      childprocess (>= 0.3.6)
      cucumber (>= 1.1.1)
      rspec-expectations (>= 2.7.0)
    ast (2.0.0)
    astrolabe (1.3.0)
      parser (>= 2.2.0.pre.3, < 3.0)
    axiom-types (0.1.1)
      descendants_tracker (~> 0.0.4)
      ice_nine (~> 0.11.0)
      thread_safe (~> 0.3, >= 0.3.1)
    builder (3.2.2)
    celluloid (0.16.0)
      timers (~> 4.0.0)
    childprocess (0.5.6)
      ffi (~> 1.0, >= 1.0.11)
    coderay (1.1.0)
    coercible (1.0.0)
      descendants_tracker (~> 0.0.1)
    crack (0.4.2)
      safe_yaml (~> 1.0.0)
    cucumber (2.0.0)
      builder (>= 2.1.2)
      cucumber-core (~> 1.1.3)
      diff-lcs (>= 1.1.3)
      gherkin (~> 2.12)
      multi_json (>= 1.7.5, < 2.0)
      multi_test (>= 0.1.2)
    cucumber-core (1.1.3)
      gherkin (~> 2.12.0)
    descendants_tracker (0.0.4)
      thread_safe (~> 0.3, >= 0.3.1)
    diff-lcs (1.2.5)
    docile (1.1.5)
    domain_name (0.5.24)
      unf (>= 0.0.5, < 1.0.0)
    equalizer (0.0.11)
    fabrication (2.13.2)
    ffi (1.9.8)
    formatador (0.2.5)
    gherkin (2.12.2)
      multi_json (~> 1.3)
    guard (2.12.5)
      formatador (>= 0.2.4)
      listen (~> 2.7)
      lumberjack (~> 1.0)
      nenv (~> 0.1)
      notiffany (~> 0.0)
      pry (>= 0.9.12)
      shellany (~> 0.0)
      thor (>= 0.18.1)
    guard-compat (1.2.1)
    guard-cucumber (1.6.0)
      cucumber (~> 2.0)
      guard-compat (~> 1.0)
      nenv (~> 0.1)
    guard-minitest (2.4.4)
      guard-compat (~> 1.2)
      minitest (>= 3.0)
    hitimes (1.2.2)
    http-cookie (1.0.2)
      domain_name (~> 0.5)
    ice_nine (0.11.1)
    json (1.8.2)
    launchy (2.4.3)
      addressable (~> 2.3)
    listen (2.10.0)
      celluloid (~> 0.16.0)
      rb-fsevent (>= 0.9.3)
      rb-inotify (>= 0.9)
    lumberjack (1.0.9)
    metaclass (0.0.4)
    method_source (0.8.2)
    mime-types (2.6.1)
    minitest (5.6.1)
    mocha (1.1.0)
      metaclass (~> 0.0.1)
    multi_json (1.11.0)
    multi_test (0.1.2)
    nenv (0.2.0)
    nest (1.1.2)
      redis
    netrc (0.10.3)
    notiffany (0.0.6)
      nenv (~> 0.1)
      shellany (~> 0.0)
    oauth (0.4.7)
    ohm (1.3.2)
      nest (~> 1.0)
      redis
      scrivener (~> 0.0.3)
    ohm-contrib (1.2)
      ohm (~> 1.2)
    parser (2.2.2.2)
      ast (>= 1.1, < 3.0)
    powerpack (0.1.1)
    pry (0.10.1)
      coderay (~> 1.1.0)
      method_source (~> 0.8.1)
      slop (~> 3.4)
    rack (1.6.1)
    rack-protection (1.5.3)
      rack
    rainbow (2.0.0)
    rake (10.4.2)
    rb-fsevent (0.9.4)
    rb-inotify (0.9.5)
      ffi (>= 0.5.0)
    redis (3.2.1)
    rest-client (1.8.0)
      http-cookie (>= 1.0.2, < 2.0)
      mime-types (>= 1.16, < 3.0)
      netrc (~> 0.7)
    rspec-expectations (3.2.1)
      diff-lcs (>= 1.2.0, < 2.0)
      rspec-support (~> 3.2.0)
    rspec-support (3.2.2)
    rubocop (0.31.0)
      astrolabe (~> 1.3)
      parser (>= 2.2.2.1, < 3.0)
      powerpack (~> 0.1)
      rainbow (>= 1.99.1, < 3.0)
      ruby-progressbar (~> 1.4)
    ruby-prof (0.15.8)
    ruby-progressbar (1.7.5)
    safe_yaml (1.0.4)
    scrivener (0.0.3)
    shellany (0.0.1)
    simplecov (0.10.0)
      docile (~> 1.1.0)
      json (~> 1.8)
      simplecov-html (~> 0.10.0)
    simplecov-html (0.10.0)
    sinatra (1.4.6)
      rack (~> 1.4)
      rack-protection (~> 1.4)
      tilt (>= 1.3, < 3)
    slop (3.6.0)
    term-ansicolor (1.3.2)
      tins (~> 1.0)
    thor (0.19.1)
    thread_safe (0.3.5)
    tilt (2.0.1)
    timers (4.0.1)
      hitimes
    tins (1.5.4)
    unf (0.1.4)
      unf_ext
    unf_ext (0.0.7.1)
    vcr (2.9.3)
    vedeu (0.5.8)
      bundler (~> 1.8)
      rake (~> 10.4)
      thor (= 0.19.1)
    virtus (1.0.5)
      axiom-types (~> 0.1)
      coercible (~> 1.0)
      descendants_tracker (~> 0.0, >= 0.0.3)
      equalizer (~> 0.0, >= 0.0.9)
    webmock (1.21.0)
      addressable (>= 2.3.6)
      crack (>= 0.3.2)
    yajl-ruby (1.2.1)

PLATFORMS
  ruby

DEPENDENCIES
  aruba (= 0.6.2)
  bundler (= 1.10.6)
  cucumber (= 2.0.0)
  fabrication (= 2.13.2)
  guard (= 2.12.5)
  guard-cucumber (= 1.6.0)
  guard-minitest (= 2.4.4)
  minitest (= 5.6.1)
  mocha (= 1.1.0)
  rake (= 10.4.2)
  rubocop (= 0.31.0)
  ruby-prof (= 0.15.8)
  simplecov (= 0.10.0)
  sinatra (= 1.4.6)
  troo!
  vcr (= 2.9.3)
  webmock (= 1.21.0)

BUNDLED WITH
   1.10.6
